GEM
  remote: https://rubygems.org/
  specs:
    aws-sdk (2.6.50)
      aws-sdk-resources (= 2.6.50)
    aws-sdk-core (2.6.50)
      aws-sigv4 (~> 1.0)
      jmespath (~> 1.0)
    aws-sdk-resources (2.6.50)
      aws-sdk-core (= 2.6.50)
    aws-sigv4 (1.0.3)
    dotenv (2.6.0)
    elasticsearch (6.1.0)
      elasticsearch-api (= 6.1.0)
      elasticsearch-transport (= 6.1.0)
    elasticsearch-api (6.1.0)
      multi_json
    elasticsearch-transport (6.1.0)
      faraday
      multi_json
    faraday (0.15.4)
      multipart-post (>= 1.2, < 3)
    faraday_middleware-aws-signers-v4 (0.1.9)
      aws-sdk-resources (>= 2, < 3)
      faraday (~> 0.9)
    jmespath (1.4.0)
    multi_json (1.13.1)
    multipart-post (2.0.0)

PLATFORMS
  ruby

DEPENDENCIES
  aws-sdk (~> 2.6.3)
  dotenv
  elasticsearch
  faraday_middleware-aws-signers-v4

BUNDLED WITH
   1.17.3
